PATH
  remote: .
  specs:
    larch (1.1.2)
      highline (~> 1.5)
      sequel (~> 3.14)
      sqlite3 (~> 1.3)
      trollop (~> 1.13)

GEM
  remote: http://rubygems.org/
  specs:
    highline (1.6.15)
    sequel (3.43.0)
    sqlite3 (1.3.7)
    trollop (1.16.2)

PLATFORMS
  ruby

DEPENDENCIES
  larch!
